GEM
  specs:
    callsite (0.0.6)
      bundler (~> 1.0.0)
    diff-lcs (1.1.3)
    em-ventually (0.1.2)
      callsite (~> 0.0.5)
      eventmachine
    eventmachine (0.12.10)
    git (1.2.5)
    jeweler (1.6.4)
      bundler (~> 1.0)
      git (>= 1.2.5)
      rake
    rake (0.9.2)
    rspec (2.6.0)
      rspec-core (~> 2.6.0)
      rspec-expectations (~> 2.6.0)
      rspec-mocks (~> 2.6.0)
    rspec-core (2.6.4)
    rspec-expectations (2.6.0)
      diff-lcs (~> 1.1.2)
    rspec-mocks (2.6.0)

PLATFORMS
  ruby

DEPENDENCIES
  bundler (~> 1.0.0)
  em-ventually
  jeweler (~> 1.6.3)
  rspec (~> 2.6.0)
