PATH
  remote: .
  specs:
    muzang (1.1.0)
      coffeemaker (~> 0.1.0)
      em-http-request (~> 1.0.0)

GEM
  remote: http://rubygems.org/
  specs:
    activesupport (3.2.6)
      i18n (~> 0.6)
      multi_json (~> 1.0)
    addressable (2.2.8)
    callsite (0.0.11)
    coffeemaker (0.1.1)
      activesupport
      eventmachine (~> 1.0.0.beta.3)
    cookiejar (0.3.0)
    diff-lcs (1.1.3)
    em-http-request (1.0.2)
      addressable (>= 2.2.3)
      cookiejar
      em-socksify
      eventmachine (>= 1.0.0.beta.4)
      http_parser.rb (>= 0.5.3)
    em-socksify (0.2.0)
      eventmachine (>= 1.0.0.beta.4)
    em-ventually (0.1.3)
      callsite (~> 0.0.5)
      eventmachine
    eventmachine (1.0.0.rc.2)
    git (1.2.5)
    http_parser.rb (0.5.3)
    i18n (0.6.0)
    jeweler (1.6.4)
      bundler (~> 1.0)
      git (>= 1.2.5)
      rake
    multi_json (1.3.6)
    rake (0.9.2.2)
    rspec (2.8.0)
      rspec-core (~> 2.8.0)
      rspec-expectations (~> 2.8.0)
      rspec-mocks (~> 2.8.0)
    rspec-core (2.8.0)
    rspec-expectations (2.8.0)
      diff-lcs (~> 1.1.2)
    rspec-mocks (2.8.0)

PLATFORMS
  ruby

DEPENDENCIES
  em-ventually (~> 0.1.2)
  jeweler (~> 1.6.3)
  muzang!
  rspec (~> 2.8.0)
